GIT
  remote: https://github.com/newrelic-platform/newrelic_rackspace_plugin.git
  revision: 8248895b6b626e414b712f964b421b3083e45c58
  specs:
    newrelic_rackspace_plugin (0.1.0)
      fog
      newrelic_plugin

PATH
  remote: .
  specs:
    newrelic_rackspace_load_balancers_plugin (1.0.0)
      newrelic_rackspace_plugin

GEM
  remote: https://rubygems.org/
  specs:
    builder (3.2.2)
    excon (0.23.0)
    fog (1.12.1)
      builder
      excon (~> 0.23.0)
      formatador (~> 0.2.0)
      mime-types
      multi_json (~> 1.0)
      net-scp (~> 1.1)
      net-ssh (>= 2.1.3)
      nokogiri (~> 1.5.0)
      ruby-hmac
    formatador (0.2.4)
    json (2.5.1)
    mime-types (1.23)
    multi_json (1.7.7)
    net-scp (1.1.1)
      net-ssh (>= 2.6.5)
    net-ssh (2.6.7)
    newrelic_plugin (1.3.1)
      json
    nokogiri (1.5.10)
    ruby-hmac (0.4.0)

PLATFORMS
  ruby

DEPENDENCIES
  newrelic_plugin
  newrelic_rackspace_load_balancers_plugin!
  newrelic_rackspace_plugin!
